PATH
  remote: .
  specs:
    rextester (0.0.2)
      httparty (>= 0.17.1)

GEM
  remote: https://rubygems.org/
  specs:
    httparty (0.21.0)
      mini_mime (>= 1.0.0)
      multi_xml (>= 0.5.2)
    mini_mime (1.1.2)
    multi_xml (0.6.0)

PLATFORMS
  ruby

DEPENDENCIES
  rextester!

BUNDLED WITH
   2.0.2
