PATH
  remote: .
  specs:
    rextester (0.0.2)
      httparty (>= 0.17.1)

GEM
  remote: https://rubygems.org/
  specs:
    httparty (0.17.1)
      mime-types (~> 3.0)
      multi_xml (>= 0.5.2)
    mime-types (3.3)
      mime-types-data (~> 3.2015)
    mime-types-data (3.2019.1009)
    multi_xml (0.6.0)

PLATFORMS
  ruby

DEPENDENCIES
  rextester!

BUNDLED WITH
   2.0.2
